NUGET
  remote: https://nuget.org/api/v2
  specs:
    Akka (1.0.4)
      Newtonsoft.Json (>= 7.0.1)
    Akka.FSharp (1.0.4)
      Akka (>= 1.0.4)
      FsPickler (>= 1.2.21)
      FSPowerPack.Core.Community (>= 3.0.0.0)
      FSPowerPack.Linq.Community (>= 3.0.0.0)
    Common.Logging (3.3.1)
      Common.Logging.Core (>= 3.3.1)
    Common.Logging.Core (3.3.1)
    elmah.corelibrary (1.2.2)
    elmah.io (2.0.25)
      elmah.io.core
    elmah.io.client (2.0.25)
    elmah.io.core (2.0.25)
      elmah.corelibrary (>= 1.2.2)
      elmah.io.client
    EntityFramework (6.1.3) - framework: net40, net45, net451, >= net46
    EventStore.Client (3.3.1)
    EventStore.Client.Embedded (3.3.1)
      EventStore.Client (3.3.1)
    Facebook (7.0.6)
    FAKE (4.7.3)
    FsCheck (2.2.0)
      FSharp.Core (>= 3.1.2.5 < 3.1.3)
    FSharp.Actor-logary (3.4.2)
      FSharp.Core (>= 3.1.2.5)
    FSharp.Compiler.Service (1.4.0.6)
    FSharp.Core (3.1.2.5)
    FSharp.Data (2.2.5)
      Zlib.Portable (>= 1.10.0) - framework: portable-net40+sl50+wp80+win80
    FSharp.Formatting (2.12.0)
      FSharp.Compiler.Service (1.4.0.6)
      FSharpVSPowerTools.Core (2.1.0)
    FSharpVSPowerTools.Core (2.1.0)
      FSharp.Compiler.Service (>= 1.4.0.6)
    FsPickler (1.5.2)
    FSPowerPack.Core.Community (3.0.0)
    FSPowerPack.Linq.Community (3.0.0)
      FSPowerPack.Core.Community
    Fuchu (1.0.1)
      FSharp.Core (>= 3.1.2.1)
    Fuchu.FsCheck (1.0.1)
      FsCheck (>= 2.1.0)
      FSharp.Core (>= 3.1.2.5)
      Fuchu (>= 1.0.1.0)
    Logary (3.4.2)
      FSharp.Actor-logary (>= 3.4.2)
      FSharp.Core (>= 3.1.2.5)
      Newtonsoft.Json (>= 6.0.8)
      Newtonsoft.Json.FSharp (>= 3.2.2)
      NodaTime.Serialization.JsonNet (>= 1.3.1)
    Logary.Adapters.Suave (3.4.2)
      FSharp.Core (>= 3.1.2.5)
      Logary (>= 3.4.2)
      Suave (>= 0.31.2)
    Microsoft.Bcl (1.1.10)
      Microsoft.Bcl.Build (>= 1.0.14)
    Microsoft.Bcl.Build (1.0.21) - import_targets: false
    Microsoft.Net.Http (2.2.29)
      Microsoft.Bcl (>= 1.1.10)
      Microsoft.Bcl.Build (>= 1.0.14)
    Newtonsoft.Json (7.0.1)
    Newtonsoft.Json.FSharp (3.2.2)
      FSharp.Core (>= 3.1.2.1)
      Newtonsoft.Json (>= 6.0.8)
      NodaTime (>= 1.3.0)
    NodaTime (1.3.1)
    NodaTime.Serialization.JsonNet (1.3.1)
      Newtonsoft.Json (>= 4.5.11)
      NodaTime (>= 1.3.0)
    NUnit (2.6.4)
    NUnit.Runners (2.6.4)
    Octokit (0.16.0)
      Microsoft.Net.Http
    Quartz (2.3.3)
      Common.Logging (>= 3.0.0)
    SourceLink.Fake (1.1.0)
    Suave (0.32.1)
      FSharp.Core (>= 3.1.2.5)
    Suave.Testing (0.32.1)
      Suave (>= 0.32.1)
    System.Data.SQLite (1.0.99)
      System.Data.SQLite.Core (>= 1.0.99.0) - framework: net20, net40, net45, net451, >= net46
      System.Data.SQLite.EF6 (>= 1.0.99.0) - framework: net40, net45, net451, >= net46
      System.Data.SQLite.Linq (>= 1.0.99.0) - framework: net20, net40, net45, net451, >= net46
    System.Data.SQLite.Core (1.0.99) - framework: net20, net40, net45, net451, >= net46
    System.Data.SQLite.EF6 (1.0.99) - framework: net40, net45, net451, >= net46
      EntityFramework (>= 6.0.0.0) - framework: net40, net45, net451, >= net46
    System.Data.SQLite.Linq (1.0.99) - framework: net20, net40, net45, net451, >= net46
    Unquote (3.1.0)
    Zlib.Portable (1.11.0) - framework: portable-net40+sl50+wp80+win80
GITHUB
  remote: fsharp/FAKE
  specs:
    modules/Octokit/Octokit.fsx (29cd4ee57792f0f35e18bd97d4517eb8c94de569)
      Octokit
HTTP
  remote: https://www.sqlite.org
  specs:
    sqlite-shell-win32-x86-3081101.zip (/2015/sqlite-shell-win32-x86-3081101.zip)
  remote: http://download.geteventstore.com
  specs:
    EventStore-OSS-Win-v3.4.0.zip (/binaries/EventStore-OSS-Win-v3.4.0.zip)